{
	"Modality": "MR",
	"MagneticFieldStrength": 3,
	"ImagingFrequency": 123.256,
	"Manufacturer": "Siemens",
	"ManufacturersModelName": "Prisma_fit",
	"InstitutionName": "Palmetto_Health_Richland",
	"InstitutionalDepartmentName": "Radiology",
	"InstitutionAddress": "Medical_Center_Dr_5_Columbia_SC_US_29203",
	"DeviceSerialNumber": "67060",
	"StationName": "MRC35131",
	"BodyPartExamined": "BRAIN",
	"PatientPosition": "HFS",
	"ProcedureStepDescription": "Research_Rorden_Prisma",
	"SoftwareVersions": "syngo_MR_D13D",
	"MRAcquisitionType": "3D",
	"SeriesDescription": "T1",
	"ProtocolName": "T1",
	"ScanningSequence": "GR_IR",
	"SequenceVariant": "SK_SP_MP",
	"ScanOptions": "IR_WE",
	"SequenceName": "_tfl3d1_16ns",
	"ImageType": ["ORIGINAL", "PRIMARY", "M", "ND", "NORM"],
	"SeriesNumber": 2,
	"AcquisitionTime": "15:34:4.980000",
	"AcquisitionNumber": 1,
	"SliceThickness": 0.8,
	"SAR": 0.0389419,
	"EchoTime": 0.00224,
	"RepetitionTime": 2.4,
	"InversionTime": 1.06,
	"FlipAngle": 8,
	"PartialFourier": 1,
	"BaseResolution": 320,
	"ShimSetting": [
		6821,
		-6613,
		2486,
		394,
		-22,
		-41,
		330,
		36	],
	"TxRefAmp": 220.732,
	"PhaseResolution": 1,
	"ReceiveCoilName": "Head_32",
	"ReceiveCoilActiveElements": "HEA;HEP",
	"PulseSequenceDetails": "%SiemensSeq%_tfl",
	"RefLinesPE": 32,
	"ConsistencyInfo": "N4_VD13D_LATEST_20130810",
	"PercentPhaseFOV": 93.75,
	"PhaseEncodingSteps": 299,
	"AcquisitionMatrixPE": 300,
	"ReconMatrixPE": 300,
	"ParallelReductionFactorInPlane": 2,
	"PixelBandwidth": 210,
	"DwellTime": 7.4e-06,
	"ImageOrientationPatientDICOM": [
		0,
		1,
		0,
		0.0645323,
		0,
		-0.997916	],
	"InPlanePhaseEncodingDirectionDICOM": "ROW",
	"ConversionSoftware": "dcm2niix",
	"ConversionSoftwareVersion": "v1.0.20190720  Clang10.0.1"
}
